GEM
  remote: https://rubygems.org/
  specs:
    ansi (1.5.0)
    builder (3.2.4)
    minitest (5.15.0)
    minitest-reporters (1.4.3)
      ansi
      builder
      minitest (>= 5.0)
      ruby-progressbar
    mocha (1.12.0)
    rake (13.0.6)
    ruby-progressbar (1.11.0)

PLATFORMS
  ruby

DEPENDENCIES
  minitest (>= 5.0.0)
  minitest-reporters
  mocha (~> 1.12.0)
  rake

RUBY VERSION
   ruby 2.6.6p146

BUNDLED WITH
   2.2.22
